GIT
  remote: git://github.com/ruby/mspec.git
  revision: d22e29aed26299ae9749684e67f14bb5b7f9023d
  specs:
    mspec (1.8.0)

GEM
  remote: https://rubygems.org/
  specs:

PLATFORMS
  ruby

DEPENDENCIES
  mspec!

BUNDLED WITH
   1.10.3
