GIT
  remote: git://github.com/ffi/ffi.git
  revision: 24cf4c983b1e31f279a96855897cdd47cb3909df
  specs:
    ffi (1.4.0)

GIT
  remote: git://github.com/nurse/mspec.git
  revision: 88ffc944daaa9f1894521f8abaddc88d9a087342
  branch: ruby
  specs:
    mspec (1.5.18)

GEM
  remote: https://rubygems.org/
  specs:

PLATFORMS
  ruby

DEPENDENCIES
  ffi!
  mspec!
