GIT
  remote: git://github.com/ffi/ffi.git
  revision: 53fedc22339d1447b4690c352acce0d3010bfe21
  specs:
    ffi (1.9.3)

GIT
  remote: git://github.com/nurse/mspec.git
  revision: 88ffc944daaa9f1894521f8abaddc88d9a087342
  branch: ruby
  specs:
    mspec (1.5.18)

GEM
  remote: https://rubygems.org/
  specs:

PLATFORMS
  ruby

DEPENDENCIES
  ffi!
  mspec!
