GIT
  remote: git://github.com/nurse/mspec.git
  revision: de8a47dac4362fa25c22b2a48eaab244635faa7b
  branch: master
  specs:
    mspec (1.7.0)

GEM
  remote: https://rubygems.org/
  specs:
    ffi (1.9.6)

PLATFORMS
  ruby

DEPENDENCIES
  ffi
  mspec!
