GIT
  remote: git://github.com/nurse/mspec.git
  revision: 88ffc944daaa9f1894521f8abaddc88d9a087342
  branch: ruby
  specs:
    mspec (1.5.18)

GEM
  remote: https://rubygems.org/
  specs:
    ffi (1.9.6)

PLATFORMS
  ruby

DEPENDENCIES
  ffi
  mspec!
